PATH
  remote: .
  specs:
    simple-antivirus (0.1.0)
      activesupport (~> 6.0)
      clamby (~> 1.6)

GEM
  remote: https://rubygems.org/
  specs:
    actionpack (6.0.3.3)
      actionview (= 6.0.3.3)
      activesupport (= 6.0.3.3)
      rack (~> 2.0, >= 2.0.8)
      rack-test (>= 0.6.3)
      rails-dom-testing (~> 2.0)
      rails-html-sanitizer (~> 1.0, >= 1.2.0)
    actionview (6.0.3.3)
      activesupport (= 6.0.3.3)
      builder (~> 3.1)
      erubi (~> 1.4)
      rails-dom-testing (~> 2.0)
      rails-html-sanitizer (~> 1.1, >= 1.2.0)
    activejob (6.0.3.3)
      activesupport (= 6.0.3.3)
      globalid (>= 0.3.6)
    activemodel (6.0.3.3)
      activesupport (= 6.0.3.3)
    activerecord (6.0.3.3)
      activemodel (= 6.0.3.3)
      activesupport (= 6.0.3.3)
    activestorage (6.0.3.3)
      actionpack (= 6.0.3.3)
      activejob (= 6.0.3.3)
      activerecord (= 6.0.3.3)
      marcel (~> 0.3.1)
    activesupport (6.0.3.3)
      concurrent-ruby (~> 1.0, >= 1.0.2)
      i18n (>= 0.7, < 2)
      minitest (~> 5.1)
      tzinfo (~> 1.1)
      zeitwerk (~> 2.2, >= 2.2.2)
    addressable (2.7.0)
      public_suffix (>= 2.0.2, < 5.0)
    builder (3.2.4)
    carrierwave (2.1.0)
      activemodel (>= 5.0.0)
      activesupport (>= 5.0.0)
      addressable (~> 2.6)
      image_processing (~> 1.1)
      mimemagic (>= 0.3.0)
      mini_mime (>= 0.1.3)
    clamby (1.6.6)
    codecov (0.2.11)
      json
      simplecov
    concurrent-ruby (1.1.7)
    crass (1.0.6)
    diff-lcs (1.4.4)
    docile (1.3.2)
    erubi (1.9.0)
    ffi (1.13.1)
    globalid (0.4.2)
      activesupport (>= 4.2.0)
    i18n (1.8.5)
      concurrent-ruby (~> 1.0)
    image_processing (1.12.0)
      mini_magick (>= 4.9.5, < 5)
      ruby-vips (>= 2.0.17, < 3)
    json (2.3.1)
    loofah (2.7.0)
      crass (~> 1.0.2)
      nokogiri (>= 1.5.9)
    marcel (0.3.3)
      mimemagic (~> 0.3.2)
    method_source (1.0.0)
    mimemagic (0.3.5)
    mini_magick (4.10.1)
    mini_mime (1.0.2)
    mini_portile2 (2.4.0)
    minitest (5.14.2)
    nokogiri (1.10.10)
      mini_portile2 (~> 2.4.0)
    public_suffix (4.0.6)
    rack (2.2.3)
    rack-test (1.1.0)
      rack (>= 1.0, < 3)
    rails-dom-testing (2.0.3)
      activesupport (>= 4.2.0)
      nokogiri (>= 1.6)
    rails-html-sanitizer (1.3.0)
      loofah (~> 2.3)
    railties (6.0.3.3)
      actionpack (= 6.0.3.3)
      activesupport (= 6.0.3.3)
      method_source
      rake (>= 0.8.7)
      thor (>= 0.20.3, < 2.0)
    rake (12.3.3)
    rspec (3.9.0)
      rspec-core (~> 3.9.0)
      rspec-expectations (~> 3.9.0)
      rspec-mocks (~> 3.9.0)
    rspec-core (3.9.2)
      rspec-support (~> 3.9.3)
    rspec-expectations (3.9.2)
      diff-lcs (>= 1.2.0, < 2.0)
      rspec-support (~> 3.9.0)
    rspec-mocks (3.9.1)
      diff-lcs (>= 1.2.0, < 2.0)
      rspec-support (~> 3.9.0)
    rspec-rails (4.0.1)
      actionpack (>= 4.2)
      activesupport (>= 4.2)
      railties (>= 4.2)
      rspec-core (~> 3.9)
      rspec-expectations (~> 3.9)
      rspec-mocks (~> 3.9)
      rspec-support (~> 3.9)
    rspec-support (3.9.3)
    ruby-vips (2.0.17)
      ffi (~> 1.9)
    simplecov (0.18.5)
      docile (~> 1.1)
      simplecov-html (~> 0.11)
    simplecov-html (0.12.3)
    sqlite3 (1.4.2)
    thor (1.0.1)
    thread_safe (0.3.6)
    tzinfo (1.2.7)
      thread_safe (~> 0.1)
    zeitwerk (2.4.0)

PLATFORMS
  ruby

DEPENDENCIES
  activemodel (~> 6.0)
  activestorage (~> 6.0)
  carrierwave (~> 2.1)
  codecov
  rake (~> 12.0)
  rspec (~> 3.0)
  rspec-rails (~> 4.0)
  simple-antivirus!
  simplecov (~> 0.18.0)
  sqlite3 (~> 1.4)

BUNDLED WITH
   2.1.4
